GEM
  remote: http://rubygems.org/
  specs:
    activesupport (3.0.7)
    archive-tar-minitar (0.5.2)
    builder (3.0.0)
    columnize (0.3.2)
    diff-lcs (1.1.2)
    git (1.2.5)
    guard (0.4.0)
      thor (~> 0.14.6)
    guard-rspec (0.4.0)
      guard (>= 0.4.0)
    guard-spork (0.2.0)
      guard (>= 0.2.2)
      spork (>= 0.8.4)
    i18n (0.6.0)
    jeweler (1.6.2)
      bundler (~> 1.0)
      git (>= 1.2.5)
      rake
    linecache19 (0.5.12)
      ruby_core_source (>= 0.1.4)
    locale (2.0.5)
    polyglot (0.3.1)
    rake (0.9.2)
    rspec (2.6.0)
      rspec-core (~> 2.6.0)
      rspec-expectations (~> 2.6.0)
      rspec-mocks (~> 2.6.0)
    rspec-core (2.6.3)
    rspec-expectations (2.6.0)
      diff-lcs (~> 1.1.2)
    rspec-mocks (2.6.0)
    ruby-debug-base19 (0.11.25)
      columnize (>= 0.3.1)
      linecache19 (>= 0.5.11)
      ruby_core_source (>= 0.1.4)
    ruby-debug19 (0.11.6)
      columnize (>= 0.3.1)
      linecache19 (>= 0.5.11)
      ruby-debug-base19 (>= 0.11.19)
    ruby_core_source (0.1.5)
      archive-tar-minitar (>= 0.5.2)
    spork (0.9.0.rc8)
    thor (0.14.6)
    treetop (1.4.9)
      polyglot (>= 0.3.1)
    xml-simple (1.0.16)

PLATFORMS
  ruby

DEPENDENCIES
  activesupport
  builder
  guard-rspec
  guard-spork
  i18n
  jeweler
  locale
  rspec
  ruby-debug19
  spork (>= 0.9.0.rc2)
  treetop
  xml-simple
